PATH
  remote: .
  specs:
    vimeo (1.5.2)
      httparty (>= 0.4.5)
      httpclient (>= 2.1.5.2)
      json (>= 1.1.9)
      multipart-post (>= 1.0.1)
      oauth (>= 0.4.3)

GEM
  remote: http://rubygems.org/
  specs:
    fakeweb (1.3.0)
    git (1.2.5)
    httparty (0.8.1)
      multi_json
      multi_xml
    httpclient (2.2.4)
    jeweler (1.8.3)
      bundler (~> 1.0)
      git (>= 1.2.5)
      rake
      rdoc
    json (1.6.5)
    multi_json (1.1.0)
    multi_xml (0.4.2)
    multipart-post (1.1.5)
    oauth (0.4.5)
    rake (0.9.2)
    rdoc (3.12)
      json (~> 1.4)
    ruby-prof (0.10.8)
    shoulda (3.0.1)
      shoulda-context (~> 1.0.0)
      shoulda-matchers (~> 1.0.0)
    shoulda-context (1.0.0)
    shoulda-matchers (1.0.0)

PLATFORMS
  ruby

DEPENDENCIES
  fakeweb (>= 1.2.6)
  jeweler (>= 1.8.3)
  ruby-prof (>= 0.9.2)
  shoulda (>= 2.11.3)
  vimeo!
